GEM
  remote: https://rubygems.org/
  specs:
    date (3.3.3)
    httparty (0.21.0)
      mini_mime (>= 1.0.0)
      multi_xml (>= 0.5.2)
    json (2.6.3)
    mini_mime (1.1.5)
    multi_xml (0.6.0)
    nokogiri (1.15.4-x86_64-darwin)
      racc (~> 1.4)
    open-uri (0.3.0)
      stringio
      time
      uri
    racc (1.7.1)
    stringio (3.0.8)
    time (0.2.2)
      date
    uri (0.12.2)

PLATFORMS
  x86_64-darwin-17

DEPENDENCIES
  httparty
  json
  nokogiri
  open-uri

RUBY VERSION
   ruby 3.2.2p53

BUNDLED WITH
   2.4.20
